GIT
  remote: git://github.com/opscode/chef-pedant.git
  revision: 33286ae23358f1d8a56316c67de10048e4e8181d
  branch: ipv6-1.0.18
  specs:
    chef-pedant (1.0.18)
      activesupport (~> 3.2.8)
      erubis (~> 2.7.0)
      mixlib-authentication (~> 1.3.0)
      mixlib-config (~> 1.1.2)
      mixlib-shellout (~> 1.1.0)
      net-http-spy (~> 0.2.1)
      rest-client (= 1.7.0.alpha)
      rspec (~> 2.11.0)
      rspec-rerun (= 0.1.1)
      rspec_junit_formatter (~> 0.1.1)

GIT
  remote: git://github.com/opscode/rest-client.git
  revision: 86b23f166576aa6b0294c23e0c8fdfcf08668edc
  branch: ma/ipv6
  specs:
    rest-client (1.7.0.alpha)
      mime-types (>= 1.16)
      netrc (~> 0.7.7)
      rdoc (>= 2.4.2)

PATH
  remote: .
  specs:
    oc-chef-pedant (1.0.17)
      chef-pedant (>= 1.0.0)

GEM
  remote: https://rubygems.org/
  specs:
    activesupport (3.2.15)
      i18n (~> 0.6, >= 0.6.4)
      multi_json (~> 1.0)
    builder (3.2.2)
    diff-lcs (1.1.3)
    erubis (2.7.0)
    i18n (0.6.5)
    json (1.8.1)
    mime-types (2.0)
    mixlib-authentication (1.3.0)
      mixlib-log
    mixlib-config (1.1.2)
    mixlib-log (1.6.0)
    mixlib-shellout (1.1.0)
    multi_json (1.8.2)
    net-http-spy (0.2.1)
    netrc (0.7.7)
    rdoc (4.0.1)
      json (~> 1.4)
    rspec (2.11.0)
      rspec-core (~> 2.11.0)
      rspec-expectations (~> 2.11.0)
      rspec-mocks (~> 2.11.0)
    rspec-core (2.11.1)
    rspec-expectations (2.11.3)
      diff-lcs (~> 1.1.3)
    rspec-mocks (2.11.3)
    rspec-rerun (0.1.1)
      rspec (>= 2.11.0)
    rspec_junit_formatter (0.1.6)
      builder
      rspec (~> 2.0)
      rspec-core (!= 2.12.0)

PLATFORMS
  ruby

DEPENDENCIES
  chef-pedant!
  oc-chef-pedant!
  rest-client!
