GIT
  remote: git://github.com/opscode/chef-pedant.git
  revision: 27f67b563ecb4968048bdef809695d858a929fbe
  branch: ma/oc-9601/depsolver-gecode
  specs:
    chef-pedant (1.0.15)
      activesupport (~> 3.2.8)
      erubis (~> 2.7.0)
      mixlib-authentication (~> 1.3.0)
      mixlib-config (~> 1.1.2)
      mixlib-shellout (~> 1.1.0)
      net-http-spy (~> 0.2.1)
      rest-client (~> 1.6.7)
      rspec (~> 2.11.0)
      rspec-rerun (= 0.1.1)
      rspec_junit_formatter (~> 0.1.1)

PATH
  remote: .
  specs:
    oc-chef-pedant (1.0.13)
      chef-pedant (>= 1.0.0)

GEM
  remote: https://rubygems.org/
  specs:
    activesupport (3.2.14)
      i18n (~> 0.6, >= 0.6.4)
      multi_json (~> 1.0)
    builder (3.2.2)
    diff-lcs (1.1.3)
    erubis (2.7.0)
    i18n (0.6.5)
    mime-types (1.24)
    mixlib-authentication (1.3.0)
      mixlib-log
    mixlib-config (1.1.2)
    mixlib-log (1.6.0)
    mixlib-shellout (1.1.0)
    multi_json (1.7.9)
    net-http-spy (0.2.1)
    rest-client (1.6.7)
      mime-types (>= 1.16)
    rspec (2.11.0)
      rspec-core (~> 2.11.0)
      rspec-expectations (~> 2.11.0)
      rspec-mocks (~> 2.11.0)
    rspec-core (2.11.1)
    rspec-expectations (2.11.3)
      diff-lcs (~> 1.1.3)
    rspec-mocks (2.11.3)
    rspec-rerun (0.1.1)
      rspec (>= 2.11.0)
    rspec_junit_formatter (0.1.6)
      builder
      rspec (~> 2.0)
      rspec-core (!= 2.12.0)

PLATFORMS
  ruby

DEPENDENCIES
  chef-pedant!
  oc-chef-pedant!
