GIT
  remote: git://github.com/opscode/chef-pedant.git
  revision: 5c542f46aa5f741588fb3c4929990450530bf624
  branch: master
  specs:
    chef-pedant (1.0.44)
      activesupport (~> 3.2.8)
      erubis (~> 2.7.0)
      mixlib-authentication (~> 1.3.0)
      mixlib-config (~> 2.0)
      mixlib-shellout (>= 1.1)
      net-http-spy (~> 0.2.1)
      rest-client (>= 1.6.7)
      rspec (~> 3.1)
      rspec-legacy_formatters (~> 1.0)
      rspec-rerun (= 0.1.1)
      rspec_junit_formatter (~> 0.2.0)

GIT
  remote: git://github.com/opscode/rest-client.git
  revision: ba0d12258b77791d8f7d9776d008eb6fa3580ccc
  specs:
    rest-client (1.7.0.alpha)
      mime-types (>= 1.16)
      netrc (~> 0.7.7)
      rdoc (>= 2.4.2)

PATH
  remote: .
  specs:
    oc-chef-pedant (1.0.78)
      chef-pedant (>= 1.0.0)

GEM
  remote: https://rubygems.org/
  specs:
    activesupport (3.2.21)
      i18n (~> 0.6, >= 0.6.4)
      multi_json (~> 1.0)
    builder (3.2.2)
    diff-lcs (1.2.5)
    erubis (2.7.0)
    i18n (0.7.0)
    json (1.8.2)
    mime-types (2.4.3)
    mixlib-authentication (1.3.0)
      mixlib-log
    mixlib-config (2.1.0)
    mixlib-log (1.6.0)
    mixlib-shellout (2.0.1)
    multi_json (1.10.1)
    net-http-spy (0.2.1)
    netrc (0.7.9)
    rdoc (4.2.0)
      json (~> 1.4)
    rspec (3.1.0)
      rspec-core (~> 3.1.0)
      rspec-expectations (~> 3.1.0)
      rspec-mocks (~> 3.1.0)
    rspec-core (3.1.7)
      rspec-support (~> 3.1.0)
    rspec-expectations (3.1.2)
      diff-lcs (>= 1.2.0, < 2.0)
      rspec-support (~> 3.1.0)
    rspec-legacy_formatters (1.0.0)
      rspec-core (>= 3.0.0.beta2)
      rspec-support (>= 3.0.0.beta2)
    rspec-mocks (3.1.3)
      rspec-support (~> 3.1.0)
    rspec-rerun (0.1.1)
      rspec (>= 2.11.0)
    rspec-support (3.1.2)
    rspec_junit_formatter (0.2.0)
      builder (< 4)
      rspec (>= 2, < 4)
      rspec-core (!= 2.12.0)

PLATFORMS
  ruby

DEPENDENCIES
  chef-pedant!
  oc-chef-pedant!
  rest-client!
  rspec (~> 3.1.0)
